GEM
  remote: https://rubygems.org/
  specs:
    aws-sdk (2.2.9)
      aws-sdk-resources (= 2.2.9)
    aws-sdk-core (2.2.9)
      jmespath (~> 1.0)
    aws-sdk-resources (2.2.9)
      aws-sdk-core (= 2.2.9)
    coderay (1.1.0)
    commander (4.3.5)
      highline (~> 1.7.2)
    highline (1.7.8)
    houston (2.2.3)
      commander (~> 4.1)
      json
    jmespath (1.1.3)
    json (1.8.3)
    method_source (0.8.2)
    pry (0.10.3)
      coderay (~> 1.1.0)
      method_source (~> 0.8.1)
      slop (~> 3.4)
    slop (3.6.0)

PLATFORMS
  ruby

DEPENDENCIES
  aws-sdk (~> 2)
  houston
  pry

BUNDLED WITH
   1.10.6
